GEM
  remote: https://rubygems.org/
  specs:
    ZenTest (4.11.0)
    autotest-fsevent (0.2.10)
      sys-uname
    codeclimate-test-reporter (0.4.3)
      simplecov (>= 0.7.1, < 1.0.0)
    docile (1.1.5)
    ffi (1.9.6)
    minitest (5.4.3)
    multi_json (1.10.1)
    rake (10.4.2)
    simplecov (0.9.1)
      docile (~> 1.1.0)
      multi_json (~> 1.0)
      simplecov-html (~> 0.8.0)
    simplecov-html (0.8.0)
    sys-uname (0.9.2)
      ffi (>= 1.0.0)

PLATFORMS
  ruby

DEPENDENCIES
  ZenTest
  autotest-fsevent
  codeclimate-test-reporter
  minitest
  rake
