GEM
  remote: https://rubygems.org/
  specs:
    ZenTest (4.11.0)
    autotest-fsevent (0.2.10)
      sys-uname
    ffi (1.9.6)
    sys-uname (0.9.2)
      ffi (>= 1.0.0)

PLATFORMS
  ruby

DEPENDENCIES
  ZenTest
  autotest-fsevent
